PATH
  remote: .
  specs:
    mm-versionable (0.2.3)
      bson_ext
      builder
      differ
      i18n
      mongo_mapper

GEM
  remote: http://rubygems.org/
  specs:
    activesupport (3.0.7)
    archive-tar-minitar (0.5.2)
    bson (1.3.1)
    bson_ext (1.3.1)
    builder (3.0.0)
    columnize (0.3.2)
    differ (0.1.2)
    i18n (0.6.0)
    jnunemaker-validatable (1.8.4)
      activesupport (>= 2.3.4)
    linecache19 (0.5.12)
      ruby_core_source (>= 0.1.4)
    mongo (1.3.1)
      bson (>= 1.3.1)
    mongo_mapper (0.8.6)
      activesupport (>= 2.3.4)
      jnunemaker-validatable (~> 1.8.4)
      plucky (~> 0.3.6)
    plucky (0.3.8)
      mongo (~> 1.3)
    rake (0.9.1)
    ruby-debug-base19 (0.11.25)
      columnize (>= 0.3.1)
      linecache19 (>= 0.5.11)
      ruby_core_source (>= 0.1.4)
    ruby-debug19 (0.11.6)
      columnize (>= 0.3.1)
      linecache19 (>= 0.5.11)
      ruby-debug-base19 (>= 0.11.19)
    ruby_core_source (0.1.5)
      archive-tar-minitar (>= 0.5.2)
    shoulda (2.11.3)

PLATFORMS
  ruby

DEPENDENCIES
  mm-versionable!
  rake
  ruby-debug19
  shoulda
